GEM
  remote: http://rubygems.org/
  specs:
    rack (2.0.3)
    roda (3.1.0)
      rack

PLATFORMS
  ruby

DEPENDENCIES
  roda
